PATH
  remote: .
  specs:
    jammit-s3 (0.6.0.2)
      jammit (>= 0.5.4)
      mimemagic (>= 0.1.7)
      ruby-hmac
      s3 (>= 0.3.7)

GEM
  remote: http://rubygems.org/
  specs:
    addressable (2.7.0)
      public_suffix (>= 2.0.2, < 5.0)
    archive-tar-minitar (0.5.2)
    columnize (0.3.1)
    cssmin (1.0.3)
    diff-lcs (1.1.2)
    jammit (0.7.0)
      cssmin (~> 1.0)
      jsmin (~> 1.0)
    jsmin (1.0.1)
    linecache (0.43)
    linecache19 (0.5.11)
      ruby_core_source (>= 0.1.4)
    mimemagic (0.3.4)
    proxies (0.2.3)
    public_suffix (4.0.3)
    rake (12.3.3)
    rspec (2.0.0.beta.22)
      rspec-core (= 2.0.0.beta.22)
      rspec-expectations (= 2.0.0.beta.22)
      rspec-mocks (= 2.0.0.beta.22)
    rspec-core (2.0.0.beta.22)
    rspec-expectations (2.0.0.beta.22)
      diff-lcs (>= 1.1.2)
    rspec-mocks (2.0.0.beta.22)
      rspec-core (= 2.0.0.beta.22)
      rspec-expectations (= 2.0.0.beta.22)
    ruby-debug (0.10.3)
      columnize (>= 0.1)
      ruby-debug-base (~> 0.10.3.0)
    ruby-debug-base (0.10.3)
      linecache (>= 0.3)
    ruby-debug-base19 (0.11.24)
      columnize (>= 0.3.1)
      linecache19 (>= 0.5.11)
      ruby_core_source (>= 0.1.4)
    ruby-debug19 (0.11.6)
      columnize (>= 0.3.1)
      linecache19 (>= 0.5.11)
      ruby-debug-base19 (>= 0.11.19)
    ruby-hmac (0.4.0)
    ruby_core_source (0.1.4)
      archive-tar-minitar (>= 0.5.2)
    s3 (0.3.28)
      addressable
      proxies

PLATFORMS
  ruby

DEPENDENCIES
  jammit-s3!
  rake
  rspec (>= 2.0.0.beta)
  ruby-debug
  ruby-debug19
  ruby-hmac
